GIT
  remote: https://github.com/makandra/rails.git
  revision: c2be41e8dba79d95a8e91150f7d0e489d097fc26
  branch: 2-3-lts
  specs:
    actionpack (2.3.18.18)
      activesupport (= 2.3.18.18)
      rack (< 1.5)
    activerecord (2.3.18.18)
      activesupport (= 2.3.18.18)
    activesupport (2.3.18.18)
    railslts-version (2.3.18.18)
    railties (2.3.18.18)
      actionpack (= 2.3.18.18)
      activesupport (= 2.3.18.18)
      rake (>= 0.8.3, < 11)

PATH
  remote: .
  specs:
    actionwebservice (2.3.14)
      actionpack (~> 2.3.0)
      activerecord (~> 2.3.0)

GEM
  remote: https://rubygems.org/
  specs:
    json (1.8.6)
    mysql (2.9.1)
    rack (1.4.7)
    rake (10.5.0)
    rdoc (4.2.0)
      json (~> 1.4)

PLATFORMS
  ruby

DEPENDENCIES
  actionpack!
  actionwebservice!
  activerecord!
  activesupport!
  mysql (= 2.9.1)
  railslts-version!
  railties!
  rake (= 10.5.0)
  rdoc (= 4.2.0)

BUNDLED WITH
   1.15.1
